GEM
  remote: https://rubygems.org/
  specs:
    ansi (1.4.3)
    builder (3.0.0)
    hashie (1.2.0)
    httparty (0.8.3)
      multi_json (~> 1.0)
      multi_xml
    json (1.7.3)
    minitest (3.2.0)
    minitest-reporters (0.9.0)
      ansi
      builder
      minitest (>= 2.0, < 4.0)
      powerbar
    multi_json (1.3.6)
    multi_xml (0.5.1)
    neography (0.0.28)
      httparty (>= 0.8.1)
      json
      oj
      os
      rake (>= 0.8.7)
      rubyzip
    oj (1.3.0)
    os (0.9.6)
    powerbar (1.0.7)
      ansi (~> 1.4.0)
      hashie (>= 1.1.0)
    rake (0.9.2.2)
    redis (3.0.1)
    rubyzip (0.9.9)

PLATFORMS
  ruby

DEPENDENCIES
  minitest
  minitest-reporters
  neography
  redis
